GEM
  remote: http://rubygems.org/
  specs:
    autotest (4.4.5)
    compass (0.10.6)
      haml (>= 3.0.4)
    daemons (1.1.0)
    diff-lcs (1.1.2)
    eventmachine (0.12.10)
    haml (5.0.0)
      temple (>= 0.8.0)
      tilt
    json (1.6.1)
    rack (1.2.1)
    rack-rewrite (1.0.2)
    rack-test (0.5.6)
      rack (>= 1.0)
    rake (0.8.7)
    rdiscount (1.6.5)
    rspec (2.1.0)
      rspec-core (~> 2.1.0)
      rspec-expectations (~> 2.1.0)
      rspec-mocks (~> 2.1.0)
    rspec-core (2.1.0)
    rspec-expectations (2.1.0)
      diff-lcs (~> 1.1.2)
    rspec-mocks (2.1.0)
    shotgun (0.8)
      rack (>= 1.0)
    sinatra (1.1.0)
      rack (~> 1.1)
      tilt (~> 1.1)
    temple (0.8.2)
    thin (1.2.7)
      daemons (>= 1.0.9)
      eventmachine (>= 0.12.6)
      rack (>= 1.0.0)
    tilt (1.1)

PLATFORMS
  ruby

DEPENDENCIES
  autotest (= 4.4.5)
  compass (= 0.10.6)
  haml (= 5.0.0)
  json (= 1.6.1)
  rack-rewrite (= 1.0.2)
  rack-test (= 0.5.6)
  rake (= 0.8.7)
  rdiscount (= 1.6.5)
  rspec (= 2.1.0)
  shotgun (= 0.8)
  sinatra (= 1.1.0)
  thin
