GIT
  remote: git://github.com/MarkNijhof/toto.git
  revision: f8f72d930a03e151194b1f841222b0c3a6d3f15d
  specs:
    toto (0.4.7)
      builder
      rack
      rdiscount

GEM
  remote: http://rubygems.org/
  specs:
    activesupport (2.3.5)
    autotest (4.3.2)
    autotest-fsevent (0.2.3)
      sys-uname
    autotest-growl (0.2.5)
    builder (2.1.2)
    capybara (0.3.9)
      culerity (>= 0.2.4)
      mime-types (>= 1.16)
      nokogiri (>= 1.3.3)
      rack (>= 1.0.0)
      rack-test (>= 0.5.4)
      selenium-webdriver (>= 0.0.3)
    compass (0.10.5)
      haml (>= 3.0.4)
    cucumber (0.8.5)
      builder (~> 2.1.2)
      diff-lcs (~> 1.1.2)
      gherkin (~> 2.1.4)
      json_pure (~> 1.4.3)
      term-ansicolor (~> 1.0.4)
    cucumber-rails (0.3.2)
      cucumber (>= 0.8.0)
    culerity (0.2.12)
    daemons (1.1.0)
    diff-lcs (1.1.2)
    eventmachine (0.12.10)
    ffi (0.6.3)
      rake (>= 0.8.7)
    fuzzyhash (0.0.11)
    gherkin (2.1.5)
      trollop (~> 1.16.2)
    haml (3.0.21)
    i18n (0.4.1)
    json_pure (1.4.6)
    mime-types (1.16)
    mocha (0.9.8)
      rake
    nokogiri (1.4.3.1)
    padrino (0.9.10)
      padrino-admin (= 0.9.10)
      padrino-core (= 0.9.10)
      padrino-gen (= 0.9.10)
      padrino-helpers (= 0.9.10)
      padrino-mailer (= 0.9.10)
    padrino-admin (0.9.10)
      padrino-core (= 0.9.10)
      padrino-gen (= 0.9.10)
      padrino-helpers (= 0.9.10)
    padrino-core (0.9.10)
      activesupport (= 2.3.5)
      bundler (>= 0.9.7)
      i18n (>= 0.3.2)
      sinatra (>= 1.0.0)
      thor (>= 0.13.0)
      usher (>= 0.6.2)
    padrino-gen (0.9.10)
      padrino-core (= 0.9.10)
    padrino-helpers (0.9.10)
      padrino-core (= 0.9.10)
    padrino-mailer (0.9.10)
      padrino-core (= 0.9.10)
      tmail (>= 1.2)
    rack (1.2.1)
    rack-flash (0.1.1)
      rack
    rack-rewrite (0.2.1)
    rack-test (0.5.4)
      rack (>= 1.0)
    rake (0.8.7)
    rdiscount (1.6.5)
    redgreen (1.2.2)
    rspec (1.3.0)
    rubyzip (0.9.4)
    selenium-webdriver (0.0.28)
      ffi (>= 0.6.1)
      json_pure
      rubyzip
    sinatra (1.0)
      rack (>= 1.0)
    sys-uname (0.8.4)
    term-ansicolor (1.0.5)
    thin (1.2.7)
      daemons (>= 1.0.9)
      eventmachine (>= 0.12.6)
      rack (>= 1.0.0)
    thor (0.14.3)
    tmail (1.2.7.1)
    trollop (1.16.2)
    usher (0.8.3)
      fuzzyhash (>= 0.0.11)

PLATFORMS
  ruby

DEPENDENCIES
  autotest
  autotest-fsevent
  autotest-growl
  capybara
  compass
  cucumber
  cucumber-rails
  haml
  mocha
  padrino (= 0.9.10)
  rack-flash
  rack-rewrite (~> 0.2.1)
  rack-test
  rake
  rdiscount
  redgreen
  rspec
  thin
  toto (= 0.4.7)!
