GIT
  remote: git://github.com/MarkNijhof/toto.git
  revision: f8f72d9
  specs:
    toto (0.4.7)
      builder
      rack
      rdiscount

GEM
  remote: http://rubygems.org/
  specs:
    activesupport (2.3.5)
    builder (2.1.2)
    compass (0.10.5)
      haml (>= 3.0.4)
    daemons (1.1.0)
    eventmachine (0.12.10)
    fuzzyhash (0.0.11)
    haml (3.0.17)
    i18n (0.4.1)
    padrino (0.9.10)
      padrino-admin (= 0.9.10)
      padrino-core (= 0.9.10)
      padrino-gen (= 0.9.10)
      padrino-helpers (= 0.9.10)
      padrino-mailer (= 0.9.10)
    padrino-admin (0.9.10)
      padrino-core (= 0.9.10)
      padrino-gen (= 0.9.10)
      padrino-helpers (= 0.9.10)
    padrino-core (0.9.10)
      activesupport (= 2.3.5)
      bundler (>= 0.9.7)
      i18n (>= 0.3.2)
      sinatra (>= 1.0.0)
      thor (>= 0.13.0)
      usher (>= 0.6.2)
    padrino-gen (0.9.10)
      padrino-core (= 0.9.10)
    padrino-helpers (0.9.10)
      padrino-core (= 0.9.10)
    padrino-mailer (0.9.10)
      padrino-core (= 0.9.10)
      tmail (>= 1.2)
    rack (1.2.1)
    rack-flash (0.1.1)
      rack
    rack-rewrite (0.2.1)
    rake (0.8.7)
    rdiscount (1.6.5)
    sinatra (1.0)
      rack (>= 1.0)
    thin (1.2.7)
      daemons (>= 1.0.9)
      eventmachine (>= 0.12.6)
      rack (>= 1.0.0)
    thor (0.14.0)
    tmail (1.2.7.1)
    usher (0.8.3)
      fuzzyhash (>= 0.0.11)

PLATFORMS
  ruby

DEPENDENCIES
  compass
  haml
  padrino (= 0.9.10)
  rack-flash
  rack-rewrite (~> 0.2.1)
  rake
  rdiscount
  thin
  toto (= 0.4.7)!
